GEM
  remote: https://rubygems.org/
  specs:
    docile (1.1.5)
    json (2.0.1)
    minitest (5.8.4)
    multi_json (1.12.1)
    rake (10.5.0)
    simplecov (0.9.2)
      docile (~> 1.1.0)
      multi_json (~> 1.0)
      simplecov-html (~> 0.9.0)
    simplecov-html (0.9.0)
    simplecov-json (0.2)
      json
      simplecov

PLATFORMS
  ruby

DEPENDENCIES
  minitest
  rake
  simplecov (~> 0.9.1)
  simplecov-json

BUNDLED WITH
   1.10.6
